GEM
  remote: http://www.rubygems.org/
  specs:
    daemons (1.1.9)
    eventmachine (1.0.3)
    mini_portile (0.5.2)
    nokogiri (1.6.0)
      mini_portile (~> 0.5.0)
    rack (1.5.2)
    thin (1.6.1)
      daemons (>= 1.0.9)
      eventmachine (>= 1.0.0)
      rack (>= 1.0.0)

PLATFORMS
  ruby

DEPENDENCIES
  nokogiri
  rack
  thin
